PATH
  remote: .
  specs:
    unofficial-github-api (0.0.1)
      bundler
      chronic
      nokogiri
      rake
      rspec
      work_queue

GEM
  remote: http://rubygems.org/
  specs:
    chronic (0.10.2)
    diff-lcs (1.2.5)
    mini_portile (0.6.0)
    nokogiri (1.6.3.1)
      mini_portile (= 0.6.0)
    rake (10.3.2)
    rspec (3.0.0)
      rspec-core (~> 3.0.0)
      rspec-expectations (~> 3.0.0)
      rspec-mocks (~> 3.0.0)
    rspec-core (3.0.3)
      rspec-support (~> 3.0.0)
    rspec-expectations (3.0.3)
      diff-lcs (>= 1.2.0, < 2.0)
      rspec-support (~> 3.0.0)
    rspec-mocks (3.0.3)
      rspec-support (~> 3.0.0)
    rspec-support (3.0.3)
    work_queue (2.5.3)

PLATFORMS
  ruby

DEPENDENCIES
  unofficial-github-api!
